GEM
  remote: http://rubygems.org/
  specs:
    adsf (1.0.1)
      rack (>= 1.0.0)
    cri (2.0.2)
    kramdown (0.13.2)
    mime-types (1.16)
    nanoc (3.2.3)
      nanoc3 (>= 3.2.3)
    nanoc3 (3.2.3)
      cri (~> 2.0)
    nokogiri (1.4.4)
    pygmentize (0.0.3)
    rack (1.2.2)
    rake (0.9.2.2)
    systemu (2.4.2)
    yajl-ruby (0.8.2)

PLATFORMS
  ruby

DEPENDENCIES
  adsf
  kramdown (~> 0.13.2)
  mime-types (~> 1.16)
  nanoc
  nokogiri (~> 1.4.4)
  pygmentize (~> 0.0.3)
  rake
  systemu
  yajl-ruby (~> 0.8.2)
